PATH
  remote: .
  specs:
    stylegen (0.4.0)
      dry-inflector (~> 0.2.0)
      gli (~> 2.1)
      json_schemer (~> 0.2.0)

GEM
  remote: https://rubygems.org/
  specs:
    ast (2.4.2)
    dry-inflector (0.2.0)
    ecma-re-validator (0.3.0)
      regexp_parser (~> 2.0)
    gli (2.20.1)
    hana (1.3.7)
    json_schemer (0.2.18)
      ecma-re-validator (~> 0.3)
      hana (~> 1.3)
      regexp_parser (~> 2.0)
      uri_template (~> 0.7)
    minitest (5.14.4)
    parallel (1.20.1)
    parser (3.0.1.1)
      ast (~> 2.4.1)
    rainbow (3.0.0)
    rake (13.0.3)
    regexp_parser (2.1.1)
    rexml (3.2.5)
    rubocop (1.14.0)
      parallel (~> 1.10)
      parser (>= 3.0.0.0)
      rainbow (>= 2.2.2, < 4.0)
      regexp_parser (>= 1.8, < 3.0)
      rexml
      rubocop-ast (>= 1.5.0, < 2.0)
      ruby-progressbar (~> 1.7)
      unicode-display_width (>= 1.4.0, < 3.0)
    rubocop-ast (1.5.0)
      parser (>= 3.0.1.1)
    rubocop-minitest (0.12.1)
      rubocop (>= 0.90, < 2.0)
    rubocop-rake (0.5.1)
      rubocop
    ruby-progressbar (1.11.0)
    unicode-display_width (2.0.0)
    uri_template (0.7.0)

PLATFORMS
  ruby

DEPENDENCIES
  bundler
  minitest (~> 5.14)
  rake
  rubocop
  rubocop-minitest
  rubocop-rake
  stylegen!

BUNDLED WITH
   2.1.4
