GEM
  remote: https://rubygems.org/
  specs:
    dry-inflector (0.2.0)

PLATFORMS
  ruby

DEPENDENCIES
  dry-inflector (>= 0.2.0)

BUNDLED WITH
   2.1.4
